GEM
  remote: https://rubygems.org/
  specs:
    base64 (0.2.0)
    js (2.7.1)
    ruby_wasm (2.7.1-arm64-darwin)
    ruby_wasm (2.7.1-x86_64-linux)

PLATFORMS
  arm64-darwin
  x86_64-linux

DEPENDENCIES
  base64
  js
  ruby_wasm

BUNDLED WITH
   2.6.5
